PATH
  remote: .
  specs:
    contenttruck-rb (1.0.0)

GEM
  remote: https://rubygems.org/
  specs:
    rake (13.0.6)

PLATFORMS
  arm64-darwin-21

DEPENDENCIES
  contenttruck-rb!
  rake (~> 13.0)

BUNDLED WITH
   2.4.8
