PATH
  remote: .
  specs:
    contenttruck-rb (1.0.1)

GEM
  remote: https://rubygems.org/
  specs:
    rake (13.0.6)

DEPENDENCIES
  contenttruck-rb!
  rake (~> 13.0)

BUNDLED WITH
   2.4.8
